GIT
  remote: git://github.com/jim/carmen.git
  revision: 1eecf3b41379badd5856293ac8873a1d6c84c178
  specs:
    carmen (0.2.7)

GIT
  remote: git://github.com/liwh/gollum.git
  revision: a08b8c2b4ac7bc5c79753b8c63fdcbc13441a949
  specs:
    gollum (1.3.1)
      github-markup (>= 0.4.0, < 1.0.0)
      grit (~> 2.4.1)
      mustache (>= 0.11.2, < 1.0.0)
      nokogiri (~> 1.4)
      pygments.rb (~> 0.2.0)
      redcarpet
      sanitize (~> 2.0.0)
      sinatra (~> 1.0)

GIT
  remote: git://github.com/mojombo/grit.git
  revision: ff015074ef35bd94cba943f9c0f98e161ab5851c
  specs:
    grit (2.4.1)
      diff-lcs (~> 1.1)
      mime-types (~> 1.15)
      posix-spawn (~> 0.3.6)

GIT
  remote: git://github.com/ryanb/letter_opener.git
  revision: 29b17fefe87b8fdc7ead987dbfabe355b59ff684
  specs:
    letter_opener (0.0.2)
      launchy

GIT
  remote: git://github.com/saberma/activemerchant_patch_for_china.git
  revision: 15ab1bfc52f39b71dfaa4c5458bf5341260a04e7
  specs:
    activemerchant_patch_for_china (0.1.6)
      activemerchant (>= 1.4.2)

GIT
  remote: git://github.com/thedarkone/rails-dev-boost.git
  revision: 216de40f33fe794e19c492c283d69d4911cab741
  specs:
    rails-dev-boost (0.1.1)

GEM
  remote: http://ruby.taobao.org/
  specs:
    RedCloth (4.2.8)
    actionmailer (3.1.1)
      actionpack (= 3.1.1)
      mail (~> 2.3.0)
    actionpack (3.1.1)
      activemodel (= 3.1.1)
      activesupport (= 3.1.1)
      builder (~> 3.0.0)
      erubis (~> 2.7.0)
      i18n (~> 0.6)
      rack (~> 1.3.2)
      rack-cache (~> 1.1)
      rack-mount (~> 0.8.2)
      rack-test (~> 0.6.1)
      sprockets (~> 2.0.2)
    active_hash (0.9.6)
      activesupport (>= 2.2.2)
    active_utils (1.0.1)
      activesupport (>= 2.3.11)
      i18n
    activeadmin (0.3.3)
      devise (>= 1.1.2)
      fastercsv
      formtastic (< 2.0.0)
      inherited_resources (< 1.3.0)
      kaminari (>= 0.12.4)
      meta_search (>= 0.9.2)
      rails (>= 3.0.0)
      sass (>= 3.1.0)
    activemerchant (1.20.0)
      active_utils (>= 1.0.1)
      activesupport (>= 2.3.11)
      braintree (>= 2.0.0)
      builder (>= 2.0.0)
      i18n
      json (>= 1.5.1)
      money (<= 3.7.1)
    activemodel (3.1.1)
      activesupport (= 3.1.1)
      builder (~> 3.0.0)
      i18n (~> 0.6)
    activerecord (3.1.1)
      activemodel (= 3.1.1)
      activesupport (= 3.1.1)
      arel (~> 2.2.1)
      tzinfo (~> 0.3.29)
    activeresource (3.1.1)
      activemodel (= 3.1.1)
      activesupport (= 3.1.1)
    activesupport (3.1.1)
      multi_json (~> 1.0)
    addressable (2.2.6)
    arel (2.2.1)
    awesome_print (0.4.0)
    bcrypt-ruby (3.0.1)
    blankslate (2.1.2.4)
    braintree (2.13.1)
      builder (>= 2.0.0)
    builder (3.0.0)
    capistrano (2.9.0)
      highline
      net-scp (>= 1.0.0)
      net-sftp (>= 2.0.0)
      net-ssh (>= 2.0.14)
      net-ssh-gateway (>= 1.1.0)
    capybara (1.1.2)
      mime-types (>= 1.16)
      nokogiri (>= 1.3.3)
      rack (>= 1.0.0)
      rack-test (>= 0.5.4)
      selenium-webdriver (~> 2.0)
      xpath (~> 0.1.4)
    carrierwave (0.5.7)
      activesupport (~> 3.0)
    childprocess (0.2.3)
      ffi (~> 1.0.6)
    chinese_pinyin (0.3.0)
    client_side_validations (3.1.3)
    coffee-rails (3.1.1)
      coffee-script (>= 2.2.0)
      railties (~> 3.1.0)
    coffee-script (2.2.0)
      coffee-script-source
      execjs
    coffee-script-source (1.1.2)
    crack (0.1.8)
    database_cleaner (0.6.7)
    decent_exposure (1.0.1)
    default_value_for (1.0.5)
    devise (1.4.9)
      bcrypt-ruby (~> 3.0)
      orm_adapter (~> 0.0.3)
      warden (~> 1.0.3)
    diff-lcs (1.1.3)
    dragonfly (0.9.8)
      rack
    em-websocket (0.3.1)
      addressable (>= 2.1.1)
      eventmachine (>= 0.12.9)
    erubis (2.7.0)
    escape (0.0.4)
    eventmachine (0.12.10)
    execjs (1.2.9)
      multi_json (~> 1.0)
    factory_girl (2.1.2)
      activesupport
    factory_girl_rails (1.2.0)
      factory_girl (~> 2.1.0)
      railties (>= 3.0.0)
    faraday (0.7.5)
      addressable (~> 2.2.6)
      multipart-post (~> 1.1.3)
      rack (>= 1.1.0, < 2)
    fastercsv (1.5.4)
    ffi (1.0.11)
    formtastic (1.2.4)
      actionpack (>= 2.3.7)
      activesupport (>= 2.3.7)
      i18n (~> 0.4)
    github-markup (0.5.3)
    guard (0.6.3)
      thor (~> 0.14.6)
    guard-livereload (0.3.1)
      em-websocket (>= 0.2.0)
      guard (>= 0.4.0)
      multi_json (~> 1.0.3)
    guard-rspec (0.4.3)
      guard (>= 0.4.0)
    guard-spork (0.2.1)
      guard (>= 0.2.2)
      spork (>= 0.8.4)
    haml (3.1.3)
    haml-rails (0.3.4)
      actionpack (~> 3.0)
      activesupport (~> 3.0)
      haml (~> 3.0)
      railties (~> 3.0)
    has_scope (0.5.1)
    highline (1.6.2)
    hike (1.2.1)
    httparty (0.7.8)
      crack (= 0.1.8)
    i18n (0.6.0)
    inherited_resources (1.2.2)
      has_scope (~> 0.5.0)
      responders (~> 0.6.0)
    interactive_editor (0.0.8)
      spoon (>= 0.0.1)
    jquery-rails (1.0.13)
      railties (~> 3.0)
      thor (~> 0.14)
    json (1.6.1)
    kaminari (0.12.4)
      rails (>= 3.0.0)
    kgio (2.6.0)
    launchy (2.0.5)
      addressable (~> 2.2.6)
    libv8 (3.3.10.2)
    liquid (2.3.0)
    macaddr (1.5.0)
      systemu (>= 2.4.0)
    mail (2.3.0)
      i18n (>= 0.4.0)
      mime-types (~> 1.16)
      treetop (~> 1.4.8)
    memcache-client (1.8.5)
    message_block (1.0.4)
      rails (>= 3.0.0)
    meta_search (1.1.1)
      actionpack (~> 3.1.0)
      activerecord (~> 3.1.0)
      activesupport (~> 3.1.0)
      polyamorous (~> 0.5.0)
    mime-types (1.17.2)
    mini_magick (3.3)
      subexec (~> 0.1.0)
    money (3.7.1)
      i18n (~> 0.4)
    multi_json (1.0.4)
    multipart-post (1.1.3)
    mustache (0.99.4)
    net-scp (1.0.4)
      net-ssh (>= 1.99.1)
    net-sftp (2.0.5)
      net-ssh (>= 2.0.9)
    net-ssh (2.2.1)
    net-ssh-gateway (1.1.0)
      net-ssh (>= 1.99.1)
    nokogiri (1.5.0)
    oauth2 (0.5.1)
      faraday (~> 0.7.4)
      multi_json (~> 1.0.3)
    orm_adapter (0.0.5)
    pg (0.11.0)
    polyamorous (0.5.0)
      activerecord (~> 3.0)
    polyglot (0.3.3)
    posix-spawn (0.3.6)
    pr_geohash (1.0.0)
    pygments.rb (0.2.3)
      rubypython (>= 0.5.1)
    rack (1.3.6)
    rack-cache (1.1)
      rack (>= 0.4)
    rack-mount (0.8.3)
      rack (>= 1.0.0)
    rack-protection (1.2.0)
      rack
    rack-ssl (1.3.2)
      rack
    rack-test (0.6.1)
      rack (>= 1.0)
    rails (3.1.1)
      actionmailer (= 3.1.1)
      actionpack (= 3.1.1)
      activerecord (= 3.1.1)
      activeresource (= 3.1.1)
      activesupport (= 3.1.1)
      bundler (~> 1.0)
      railties (= 3.1.1)
    rails3-generators (0.17.4)
      railties (>= 3.0.0)
    railties (3.1.1)
      actionpack (= 3.1.1)
      activesupport (= 3.1.1)
      rack-ssl (~> 1.3.2)
      rake (>= 0.8.7)
      rdoc (~> 3.4)
      thor (~> 0.14.6)
    raindrops (0.7.0)
    rake (0.9.2.2)
    rdoc (3.11)
      json (~> 1.4)
    redcarpet (1.17.2)
    redis (2.2.2)
    redis-namespace (1.0.3)
      redis (< 3.0.0)
    responders (0.6.4)
    resque (1.19.0)
      multi_json (~> 1.0)
      redis-namespace (~> 1.0.2)
      sinatra (>= 0.9.2)
      vegas (~> 0.1.2)
    resque-scheduler (2.0.0.e)
      redis (>= 2.0.1)
      resque (>= 1.15.0)
      rufus-scheduler
    resque_spec (0.7.0)
      resque (>= 1.15.0)
      rspec (>= 2.5.0)
    rsolr (1.0.2)
      builder (>= 2.1.2)
    rspec (2.6.0)
      rspec-core (~> 2.6.0)
      rspec-expectations (~> 2.6.0)
      rspec-mocks (~> 2.6.0)
    rspec-core (2.6.4)
    rspec-expectations (2.6.0)
      diff-lcs (~> 1.1.2)
    rspec-mocks (2.6.0)
    rspec-rails (2.6.1)
      actionpack (~> 3.0)
      activesupport (~> 3.0)
      railties (~> 3.0)
      rspec (~> 2.6.0)
    rubypython (0.5.3)
      blankslate (>= 2.1.2.3)
      ffi (~> 1.0.7)
    rubyzip (0.9.5)
    rufus-scheduler (2.0.16)
      tzinfo (>= 0.3.23)
    sanitize (2.0.3)
      nokogiri (>= 1.4.4, < 1.6)
    sass (3.1.10)
    sass-rails (3.1.4)
      actionpack (~> 3.1.0)
      railties (~> 3.1.0)
      sass (>= 3.1.4)
      sprockets (~> 2.0.0)
      tilt (~> 1.3.2)
    seedbank (0.0.7)
    selenium-webdriver (2.14.0)
      childprocess (>= 0.2.1)
      ffi (~> 1.0.9)
      multi_json (~> 1.0.4)
      rubyzip
    sentient_user (0.3.2)
    settingslogic (2.0.6)
    sinatra (1.3.2)
      rack (~> 1.3, >= 1.3.6)
      rack-protection (~> 1.2)
      tilt (~> 1.3, >= 1.3.3)
    sitemap_generator (2.1.6)
    spoon (0.0.1)
    spork (0.8.5)
    sprockets (2.0.3)
      hike (~> 1.2)
      rack (~> 1.0)
      tilt (~> 1.1, != 1.3.0)
    squeel (0.9.3)
      activerecord (~> 3.0)
      activesupport (~> 3.0)
      polyamorous (~> 0.5.0)
    subexec (0.1.0)
    sunspot (1.3.0.rc6)
      escape (= 0.0.4)
      pr_geohash (~> 1.0)
      rsolr (= 1.0.2)
    sunspot_rails (1.3.0.rc6)
      nokogiri
      sunspot (= 1.3.0.rc6)
    sunspot_solr (1.3.0.rc6)
    systemu (2.4.0)
    therubyracer (0.9.4)
      libv8 (~> 3.3.10)
    thor (0.14.6)
    tilt (1.3.3)
    treetop (1.4.10)
      polyglot
      polyglot (>= 0.3.1)
    tzinfo (0.3.31)
    uglifier (1.0.2)
      execjs (>= 0.3.0)
      multi_json (>= 1.0.2)
    unicorn (4.1.1)
      kgio (~> 2.4)
      rack
      raindrops (~> 0.6)
    uuid (2.3.4)
      macaddr (~> 1.0)
    vegas (0.1.8)
      rack (>= 1.0.0)
    warden (1.0.6)
      rack (>= 1.0)
    xpath (0.1.4)
      nokogiri (~> 1.3)

PLATFORMS
  ruby

DEPENDENCIES
  RedCloth
  active_hash
  activeadmin
  activemerchant
  activemerchant_patch_for_china!
  awesome_print
  capistrano
  capybara (~> 1.1.2)
  carmen!
  carrierwave
  chinese_pinyin
  client_side_validations
  coffee-rails
  database_cleaner
  decent_exposure
  default_value_for
  devise (~> 1.4.9)
  dragonfly (~> 0.9.8)
  factory_girl
  factory_girl_rails
  gollum!
  grit!
  guard
  guard-livereload
  guard-rspec
  guard-spork
  haml
  haml-rails
  httparty
  interactive_editor
  jquery-rails
  kaminari
  letter_opener!
  liquid (~> 2.3.0)
  memcache-client
  message_block
  meta_search (~> 1.1.1)
  mini_magick
  nokogiri
  oauth2
  pg
  rack-cache
  rails (= 3.1.1)
  rails-dev-boost!
  rails3-generators
  resque
  resque-scheduler (~> 2.0.0.e)
  resque_spec
  rspec-rails
  rubyzip
  sass-rails
  seedbank
  selenium-webdriver (~> 2.14.0)
  sentient_user
  settingslogic
  sitemap_generator
  spork
  squeel
  sunspot_rails (~> 1.3.0.rc6)
  sunspot_solr
  therubyracer
  uglifier
  unicorn
  uuid
